GEM
  remote: https://rubygems.org/
  specs:
    power_assert (2.0.3)
    test-unit (3.5.7)
      power_assert

PLATFORMS
  arm64-darwin-22

DEPENDENCIES
  test-unit

BUNDLED WITH
   2.4.1
